GEM
  specs:
    byebug (5.0.0)
      columnize (= 0.9.0)
    colorize (0.7.7)
    columnize (0.9.0)
    io-console (0.4.2)

PLATFORMS
  ruby

DEPENDENCIES
  byebug
  colorize
  io-console

BUNDLED WITH
   1.10.5
